GEM
  remote: http://rubygems.org/
  specs:
    chunky_png (1.2.7)
    ruby-progressbar (1.0.2)
    sqlite3 (1.3.7)

PLATFORMS
  ruby

DEPENDENCIES
  chunky_png (= 1.2.7)
  ruby-progressbar
  sqlite3 (= 1.3.7)
